GIT
  remote: https://github.com/integrity/sinatra-authorization
  revision: 2e0aac2fcbd08ed37c4b0e0aed44046f8a9a62cf
  specs:
    sinatra-authorization (1.0.0)
      sinatra (>= 0.9.1.1)

GIT
  remote: https://github.com/sinatra/sinatra
  revision: ebd197d2afc8341d4b93417bd9d7cba8a15ba4a6
  specs:
    sinatra (1.4.0)
      rack (~> 1.3, >= 1.3.6)
      rack-protection (~> 1.2)
      tilt (~> 1.3, >= 1.3.3)

GEM
  remote: http://rubygems.org/
  specs:
    activemodel (3.2.2)
      activesupport (= 3.2.2)
      builder (~> 3.0.0)
    activerecord (3.2.2)
      activemodel (= 3.2.2)
      activesupport (= 3.2.2)
      arel (~> 3.0.2)
      tzinfo (~> 0.3.29)
    activesupport (3.2.2)
      i18n (~> 0.6)
      multi_json (~> 1.0)
    arel (3.0.2)
    builder (3.0.0)
    i18n (0.6.0)
    multi_json (1.2.0)
    pg (0.13.2)
    postgres (0.8.1)
      pg (~> 0)
    rack (1.4.1)
    rack-protection (1.2.0)
      rack
    shotgun (0.9)
      rack (>= 1.0)
    tilt (1.3.3)
    tzinfo (0.3.32)

PLATFORMS
  ruby

DEPENDENCIES
  activerecord
  postgres
  shotgun
  sinatra!
  sinatra-authorization!
